GEM
  remote: https://rubygems.org/
  specs:
    kgio (2.11.0)
    rack (1.6.8)
    rack-protection (1.5.3)
      rack
    raindrops (0.18.0)
    sequel (4.46.0)
    sinatra (1.4.8)
      rack (~> 1.5)
      rack-protection (~> 1.4)
      tilt (>= 1.3, < 3)
    tilt (2.0.7)
    unicorn (5.3.0)
      kgio (~> 2.6)
      raindrops (~> 0.7)

PLATFORMS
  ruby

DEPENDENCIES
  rack
  sequel
  sinatra
  unicorn

BUNDLED WITH
   1.14.6
