GEM
  remote: https://rubygems.org/
  specs:
    coderay (1.1.1)
    httparty (0.15.5)
      multi_xml (>= 0.5.2)
    json (2.1.0)
    kgio (2.11.0)
    marathon-api (2.1.0)
      httparty (>= 0.11)
      json
      trollop (>= 2.0)
    method_source (0.8.2)
    multi_xml (0.6.0)
    pg (0.20.0)
    pry (0.10.4)
      coderay (~> 1.1.0)
      method_source (~> 0.8.1)
      slop (~> 3.4)
    rack (1.6.8)
    rack-protection (1.5.3)
      rack
    raindrops (0.18.0)
    sequel (4.46.0)
    sinatra (1.4.8)
      rack (~> 1.5)
      rack-protection (~> 1.4)
      tilt (>= 1.3, < 3)
    slop (3.6.0)
    tilt (2.0.7)
    trollop (2.1.2)
    unicorn (5.3.0)
      kgio (~> 2.6)
      raindrops (~> 0.7)

PLATFORMS
  ruby

DEPENDENCIES
  marathon-api
  pg
  pry
  rack
  sequel
  sinatra
  unicorn

RUBY VERSION
   ruby 2.2.6p396

BUNDLED WITH
   1.15.0
